GEM
  remote: https://rubygems.org/
  specs:
    addressable (2.7.0)
      public_suffix (>= 2.0.2, < 5.0)
    dimensions (1.3.0)
    open_uri_redirections (0.2.1)
    public_suffix (4.0.5)
    robotex (1.0.0)
    ruby-progressbar (1.10.0)

PLATFORMS
  ruby

DEPENDENCIES
  addressable
  dimensions
  open_uri_redirections
  robotex
  ruby-progressbar

BUNDLED WITH
   2.1.4
